GEM
  remote: http://rubygems.org/
  specs:
    arrayfields (4.7.4)
    chronic (0.6.4)
    fattr (2.2.0)
    git (1.2.5)
    hirb (0.5.0)
    jeweler (1.6.4)
      bundler (~> 1.0)
      git (>= 1.2.5)
      rake
    json (1.6.1)
    main (4.7.7)
      arrayfields (~> 4.7.4)
      chronic (~> 0.6.2)
      fattr (~> 2.2.0)
      map (~> 4.3.0)
    map (4.3.0)
    metaclass (0.0.1)
    mocha (0.10.0)
      metaclass (~> 0.0.1)
    rake (0.8.7)
    ruby_parser (2.3.1)
      sexp_processor (~> 3.0)
    sexp_processor (3.0.7)
    shoulda (2.11.3)
    test-construct (1.2.0)

PLATFORMS
  ruby

DEPENDENCIES
  arrayfields (= 4.7.4)
  chronic (= 0.6.4)
  fattr (= 2.2.0)
  hirb (= 0.5.0)
  jeweler (= 1.6.4)
  json (= 1.6.1)
  main (= 4.7.7)
  map (= 4.3.0)
  mocha (= 0.10.0)
  rake (= 0.8.7)
  ruby_parser (= 2.3.1)
  sexp_processor (= 3.0.7)
  shoulda (= 2.11.3)
  test-construct (= 1.2.0)
