PATH
  remote: .
  specs:
    churn (0.0.20)
      chronic (>= 0.2.3)
      churn
      hirb
      json_pure
      main
      ruby_parser (~> 2.3)
      sexp_processor (~> 3.0)

GEM
  remote: http://rubygems.org/
  specs:
    arrayfields (4.7.4)
    chronic (0.7.0)
    fattr (2.2.1)
    git (1.2.5)
    hirb (0.7.0)
    jeweler (1.8.4)
      bundler (~> 1.0)
      git (>= 1.2.5)
      rake
      rdoc
    json (1.7.5)
    json_pure (1.7.5)
    main (5.1.0)
      arrayfields (>= 4.7.4)
      chronic (>= 0.6.2)
      fattr (>= 2.2.0)
      map (>= 5.1.0)
    map (6.2.0)
    mocha (0.9.12)
    rake (0.9.2.2)
    rdoc (3.12)
      json (~> 1.4)
    ruby_parser (2.3.1)
      sexp_processor (~> 3.0)
    sexp_processor (3.2.0)
    shoulda (2.11.3)
    test-construct (1.2.0)

PLATFORMS
  ruby

DEPENDENCIES
  churn!
  jeweler
  mocha (~> 0.9.5)
  rake
  shoulda
  test-construct
